GEM
  remote: https://rubygems.org/
  specs:
    backports (3.1.1)
    couchrest (1.1.2)
      mime-types (~> 1.15)
      multi_json (~> 1.0.0)
      rest-client (~> 1.6.1)
    curb (0.8.1)
    daemons (1.1.9)
    erubis (2.7.0)
    eventmachine (1.0.3)
    mime-types (1.18)
    multi_json (1.0.4)
    mysql2 (0.3.11)
    nokogiri (1.5.3)
    rack (1.5.2)
    rack-protection (1.5.0)
      rack
    rack-test (0.6.2)
      rack (>= 1.0)
    rest-client (1.6.7)
      mime-types (>= 1.16)
    sinatra (1.3.6)
      rack (~> 1.4)
      rack-protection (~> 1.3)
      tilt (~> 1.3, >= 1.3.3)
    sinatra-contrib (1.3.2)
      backports (>= 2.0)
      eventmachine
      rack-protection
      rack-test
      sinatra (~> 1.3.0)
      tilt (~> 1.3)
    thin (1.5.0)
      daemons (>= 1.0.9)
      eventmachine (>= 0.12.6)
      rack (>= 1.0.0)
    tilt (1.3.6)

PLATFORMS
  ruby

DEPENDENCIES
  couchrest (>= 0.37)
  curb
  erubis
  mysql2
  nokogiri
  rack
  sinatra
  sinatra-contrib
  thin
